PATH
  remote: .
  specs:
    rqrcode_core (0.1.1.1)

GEM
  remote: https://rubygems.org/
  specs:
    minitest (5.9.1)
    rake (10.5.0)

PLATFORMS
  ruby

DEPENDENCIES
  bundler
  minitest (< 5.10.0)
  rake (~> 10.0)
  rqrcode_core!

BUNDLED WITH
   1.17.3
